PATH
  remote: .
  specs:
    celestial (0.1.0)

GEM
  remote: https://rubygems.org/
  specs:
    minitest (5.14.0)
    rake (12.3.3)

PLATFORMS
  ruby

DEPENDENCIES
  bundler (~> 2.0)
  celestial!
  minitest (~> 5.0)
  rake (~> 12.3.3)

BUNDLED WITH
   2.1.4
